PATH
  remote: .
  specs:
    church_community_builder (0.0.18)
      addressable
      faraday
      faraday_middleware
      multi_xml

GEM
  remote: http://rubygems.org/
  specs:
    addressable (2.3.7)
    crack (0.4.2)
      safe_yaml (~> 1.0.0)
    faraday (1.0.0)
      multipart-post (>= 1.2, < 3)
    faraday_middleware (1.0.0.rc1)
      faraday (~> 1.0)
    multi_xml (0.6.0)
    multipart-post (2.1.1)
    rake (12.3.3)
    safe_yaml (1.0.4)
    vcr (2.9.3)
    webmock (1.20.4)
      addressable (>= 2.3.6)
      crack (>= 0.3.2)

PLATFORMS
  ruby

DEPENDENCIES
  bundler
  church_community_builder!
  rake
  vcr
  webmock

BUNDLED WITH
   1.10.6
