PATH
  remote: .
  specs:
    church_community_builder (0.0.7)
      addressable
      faraday
      faraday_middleware
      multi_xml

GEM
  remote: http://rubygems.org/
  specs:
    addressable (2.3.7)
    crack (0.4.2)
      safe_yaml (~> 1.0.0)
    faraday (0.9.2)
      multipart-post (>= 1.2, < 3)
    faraday_middleware (0.10.0)
      faraday (>= 0.7.4, < 0.10)
    minitest (5.5.1)
    multi_xml (0.5.5)
    multipart-post (2.0.0)
    rake (10.4.2)
    safe_yaml (1.0.4)
    vcr (2.9.3)
    webmock (1.20.4)
      addressable (>= 2.3.6)
      crack (>= 0.3.2)

PLATFORMS
  ruby

DEPENDENCIES
  bundler
  church_community_builder!
  minitest
  rake
  vcr
  webmock

BUNDLED WITH
   1.10.6
